PATH
  remote: .
  specs:
    rbrc (0.0.1)
      activesupport (~> 3.1.0)
      i18n (~> 0.6.0)
      parseconfig (~> 0.5.2)

GEM
  remote: http://rubygems.org/
  specs:
    activesupport (3.1.0)
      multi_json (~> 1.0)
    diff-lcs (1.1.3)
    fakefs (0.4.0)
    growl_notify (0.0.1)
      rb-appscript
    guard (0.8.3)
      thor (~> 0.14.6)
    guard-rspec (0.4.5)
      guard (>= 0.4.0)
    i18n (0.6.0)
    metaclass (0.0.1)
    mocha (0.10.0)
      metaclass (~> 0.0.1)
    multi_json (1.0.3)
    parseconfig (0.5.2)
    rb-appscript (0.6.1)
    rb-fsevent (0.4.3.1)
    rspec (2.6.0)
      rspec-core (~> 2.6.0)
      rspec-expectations (~> 2.6.0)
      rspec-mocks (~> 2.6.0)
    rspec-core (2.6.4)
    rspec-expectations (2.6.0)
      diff-lcs (~> 1.1.2)
    rspec-mocks (2.6.0)
    thor (0.14.6)

PLATFORMS
  ruby

DEPENDENCIES
  fakefs (~> 0.4.0)
  growl_notify (~> 0.0.1)
  guard-rspec (~> 0.4.5)
  mocha (~> 0.10.0)
  rb-fsevent
  rbrc!
  rspec (~> 2.6.0)
